GEM
  remote: https://rubygems.org/
  specs:
    redcarpet (3.1.2)

PLATFORMS
  ruby

DEPENDENCIES
  redcarpet (= 3.1.2)
